GIT
  remote: git://github.com/kreintjes/holidays.git
  revision: dca4cd582e5c9bc221366905919fae5c26e1fc71
  specs:
    holidays (1.0.7.pre)

GIT
  remote: git://github.com/kreintjes/numbers_and_words.git
  revision: 7d054f7512ae5ba09d78be3a031c289b1cbd1c51
  specs:
    numbers_and_words (0.10.1)
      activesupport
      i18n

GIT
  remote: git://github.com/moaa/websocket-rails.git
  revision: e6e200d16fee658472585fc8fa6a338b74327b98
  branch: threadsocket-rails
  specs:
    websocket-rails (0.7.0)
      connection_pool
      faye-websocket
      hiredis
      puma
      rack
      rails
      redis
      redis-objects
      uuidtools

GIT
  remote: git://github.com/ramonsnir/nested_form.git
  revision: b376532ff0f34f44cbfb5dec8cb6a163b69e1435
  specs:
    nested_form (0.3.2)

GIT
  remote: git://github.com/websocket-rails/websocket-rails-js.git
  revision: 1196d768deaf3d9f20897c2f09bff7fafa7cbbe4
  branch: sub_protocols
  specs:
    websocket-rails-js (0.0.1)
      rails

GEM
  remote: http://rubygems.org/
  specs:
    actionmailer (4.1.6)
      actionpack (= 4.1.6)
      actionview (= 4.1.6)
      mail (~> 2.5, >= 2.5.4)
    actionpack (4.1.6)
      actionview (= 4.1.6)
      activesupport (= 4.1.6)
      rack (~> 1.5.2)
      rack-test (~> 0.6.2)
    actionview (4.1.6)
      activesupport (= 4.1.6)
      builder (~> 3.1)
      erubis (~> 2.7.0)
    activemodel (4.1.6)
      activesupport (= 4.1.6)
      builder (~> 3.1)
    activerecord (4.1.6)
      activemodel (= 4.1.6)
      activesupport (= 4.1.6)
      arel (~> 5.0.0)
    activerecord-import (0.5.0)
      activerecord (>= 3.0)
    activerecord-tableless (1.3.4)
      activerecord (>= 2.3.0)
    activesupport (4.1.6)
      i18n (~> 0.6, >= 0.6.9)
      json (~> 1.7, >= 1.7.7)
      minitest (~> 5.1)
      thread_safe (~> 0.1)
      tzinfo (~> 1.1)
    acts-as-taggable-on (3.3.0)
      activerecord (>= 3, < 5)
    acts_as_list (0.6.0)
      activerecord (>= 3.0)
    ancestry (2.1.0)
      activerecord (>= 3.0.0)
    arel (5.0.1.20140414130214)
    ast (2.0.0)
    astrolabe (1.3.0)
      parser (>= 2.2.0.pre.3, < 3.0)
    attribute_normalizer (1.2.0)
    audited (4.0.0)
      rails-observers (~> 0.1.2)
    audited-activerecord (4.0.0)
      activerecord (~> 4.0)
      audited (= 4.0.0)
    autoprefixer-rails (2.1.0.20140628)
      execjs
    bcrypt (3.1.7)
    bcrypt (3.1.7-x86-mingw32)
    builder (3.2.2)
    bullet (4.11.3)
      activesupport (>= 3.0.0)
      uniform_notifier (>= 1.6.0)
    cancancan (1.10.0)
    capistrano (3.3.5)
      capistrano-stats (~> 1.1.0)
      i18n
      rake (>= 10.0.0)
      sshkit (~> 1.3)
    capistrano-bundler (1.1.3)
      capistrano (~> 3.1)
      sshkit (~> 1.2)
    capistrano-passenger (0.0.1)
      capistrano (~> 3.0)
    capistrano-rails (1.1.2)
      capistrano (~> 3.1)
      capistrano-bundler (~> 1.1)
    capistrano-rvm (0.1.2)
      capistrano (~> 3.0)
      sshkit (~> 1.2)
    capistrano-stats (1.1.1)
    carrierwave (0.10.0)
      activemodel (>= 3.2.0)
      activesupport (>= 3.2.0)
      json (>= 1.7)
      mime-types (>= 1.16)
    coderay (1.1.0)
    coffee-rails (4.0.1)
      coffee-script (>= 2.2.0)
      railties (>= 4.0.0, < 5.0)
    coffee-script (2.2.0)
      coffee-script-source
      execjs
    coffee-script-source (1.7.0)
    colorize (0.7.4)
    connection_pool (2.0.0)
    daemons (1.1.9)
    deep_cloneable (2.0.0)
      activerecord (>= 3.1.0, < 5.0.0)
    devise (3.2.4)
      bcrypt (~> 3.0)
      orm_adapter (~> 0.1)
      railties (>= 3.2.6, < 5)
      thread_safe (~> 0.1)
      warden (~> 1.2.3)
    devise-i18n (0.10.3)
    devise-i18n-views (0.2.8)
    devise_invitable (1.3.5)
      actionmailer (>= 3.2.6, < 5)
      devise (>= 3.2.0)
    erubis (2.7.0)
    eventmachine (1.0.8)
    exception_notification (4.0.1)
      actionmailer (>= 3.0.4)
      activesupport (>= 3.0.4)
    execjs (2.2.1)
    factory_girl (4.4.0)
      activesupport (>= 3.0.0)
    factory_girl_rails (4.4.1)
      factory_girl (~> 4.4.0)
      railties (>= 3.0.0)
    faye-websocket (0.7.5)
      eventmachine (>= 0.12.0)
      websocket-driver (>= 0.3.5)
    forgery (0.6.0)
    gistyle (1.0.0)
    hash_to_hidden_fields (2.0.1)
      actionpack (>= 3)
      rack (~> 1.2)
    hike (1.2.3)
    hiredis (0.5.2)
    i18n (0.6.11)
    i18n_alchemy (0.2.1)
      activesupport (>= 3.2.0, < 4.2)
      i18n (~> 0.6)
    iban-tools (0.0.9)
    ice_cube (0.12.0)
    jbuilder (2.1.1)
      activesupport (>= 3.0.0, < 5)
      multi_json (~> 1.2)
    jquery-minicolors-rails (2.1.4.0)
      jquery-rails
      rails (>= 3.2.8)
    jquery-rails (3.1.1)
      railties (>= 3.0, < 5.0)
      thor (>= 0.14, < 2.0)
    jquery-rails-cdn (1.0.3)
      jquery-rails
    jquery-ui-rails (5.0.0)
      railties (>= 3.2.16)
    jquery-ui-rails-cdn (0.2.0)
      jquery-ui-rails (~> 5.0)
    js-routes (0.9.8)
      railties (>= 3.2)
      sprockets-rails
    json (1.8.3)
    kaminari (0.16.1)
      actionpack (>= 3.0.0)
      activesupport (>= 3.0.0)
    libv8 (3.16.14.3)
    magnific-popup-rails (0.9.9)
    mail (2.6.1)
      mime-types (>= 1.16, < 3)
    method_source (0.8.2)
    mime-types (2.3)
    mini_magick (3.7.0)
      subexec (~> 0.2.1)
    minitest (5.4.2)
    modernizr-rails (2.7.1)
    momentjs-rails (2.7.0)
      railties (>= 3.1)
    multi_json (1.10.1)
    net-scp (1.2.1)
      net-ssh (>= 2.6.5)
    net-ssh (2.9.1)
    orm_adapter (0.5.0)
    parser (2.2.0.pre.4)
      ast (>= 1.1, < 3.0)
      slop (~> 3.4, >= 3.4.5)
    pg (0.17.1)
    pg (0.17.1-x86-mingw32)
    pg_search (0.7.4)
      activerecord (>= 3.1)
      activesupport (>= 3.1)
      arel
    powerpack (0.0.9)
    pry (0.10.0)
      coderay (~> 1.1.0)
      method_source (~> 0.8.1)
      slop (~> 3.4)
    pry (0.10.0-x86-mingw32)
      coderay (~> 1.1.0)
      method_source (~> 0.8.1)
      slop (~> 3.4)
      win32console (~> 1.3)
    pry-rails (0.3.2)
      pry (>= 0.9.10)
    puma (2.9.1)
      rack (>= 1.1, < 2.0)
    quiet_assets (1.0.3)
      railties (>= 3.1, < 5.0)
    rack (1.5.2)
    rack-test (0.6.2)
      rack (>= 1.0)
    rails (4.1.6)
      actionmailer (= 4.1.6)
      actionpack (= 4.1.6)
      actionview (= 4.1.6)
      activemodel (= 4.1.6)
      activerecord (= 4.1.6)
      activesupport (= 4.1.6)
      bundler (>= 1.3.0, < 2.0)
      railties (= 4.1.6)
      sprockets-rails (~> 2.0)
    rails-i18n (4.0.2)
      i18n (~> 0.6)
      rails (>= 4.0)
    rails-observers (0.1.2)
      activemodel (~> 4.0)
    railties (4.1.6)
      actionpack (= 4.1.6)
      activesupport (= 4.1.6)
      rake (>= 0.8.7)
      thor (>= 0.18.1, < 2.0)
    rainbow (2.0.0)
    rake (10.4.2)
    redis (3.1.0)
    redis-objects (1.0.1)
      redis (>= 3.0.2)
    ref (1.0.5)
    responders (1.1.0)
      railties (>= 3.2, < 5)
    rubocop (0.26.1)
      astrolabe (~> 1.3)
      parser (>= 2.2.0.pre.4, < 3.0)
      powerpack (~> 0.0.6)
      rainbow (>= 1.99.1, < 3.0)
      ruby-progressbar (~> 1.4)
    ruby-notify-my-android (0.4.3)
      xml-simple (>= 1.0.15)
    ruby-progressbar (1.6.0)
    sass (3.2.19)
    sass-rails (4.0.3)
      railties (>= 4.0.0, < 5.0)
      sass (~> 3.2.0)
      sprockets (~> 2.8, <= 2.11.0)
      sprockets-rails (~> 2.0)
    scss-lint (0.7.0)
      colorize
      sass
    seedbank (0.3.0)
    select2-rails (3.5.7)
      thor (~> 0.14)
    semver (1.0.1)
    slim (2.0.3)
      temple (~> 0.6.6)
      tilt (>= 1.3.3, < 2.1)
    slim-rails (2.1.5)
      actionpack (>= 3.0, < 4.2)
      activesupport (>= 3.0, < 4.2)
      railties (>= 3.0, < 4.2)
      slim (~> 2.0)
    slop (3.5.0)
    spring (1.1.3)
    sprockets (2.11.0)
      hike (~> 1.2)
      multi_json (~> 1.0)
      rack (~> 1.0)
      tilt (~> 1.1, != 1.3.0)
    sprockets-rails (2.1.4)
      actionpack (>= 3.0)
      activesupport (>= 3.0)
      sprockets (~> 2.8)
    sshkit (1.5.1)
      colorize
      net-scp (>= 1.1.2)
      net-ssh (>= 2.8.0)
    subexec (0.2.3)
    symbolize (4.4.1)
      activemodel (>= 3.2, < 5)
      activesupport (>= 3.2, < 5)
    temple (0.6.8)
    therubyracer (0.12.1)
      libv8 (~> 3.16.14.0)
      ref
    thin (1.6.3)
      daemons (~> 1.0, >= 1.0.9)
      eventmachine (~> 1.0)
      rack (~> 1.0)
    thor (0.19.1)
    thread_safe (0.3.4)
    tilt (1.4.1)
    timeliness (0.3.7)
    tzinfo (1.2.2)
      thread_safe (~> 0.1)
    tzinfo-data (1.2014.5)
      tzinfo (>= 1.0.0)
    uglifier (2.5.1)
      execjs (>= 0.3.0)
      json (>= 1.8.0)
    uniform_notifier (1.6.2)
    uuidtools (2.1.5)
    valid_email (0.0.8)
      activemodel
      mail (~> 2.6.1)
    validates_timeliness (3.0.14)
      timeliness (~> 0.3.6)
    vcard (0.2.12)
    warden (1.2.3)
      rack (>= 1.0)
    websocket-driver (0.3.5)
    win32console (1.3.2-x86-mingw32)
    xml-simple (1.1.4)

PLATFORMS
  ruby
  x86-mingw32

DEPENDENCIES
  activerecord-import
  activerecord-tableless
  acts-as-taggable-on
  acts_as_list
  ancestry
  attribute_normalizer
  audited-activerecord
  autoprefixer-rails
  bullet
  cancancan
  capistrano-passenger
  capistrano-rails
  capistrano-rvm
  carrierwave
  coffee-rails (~> 4.0.0)
  deep_cloneable
  devise (~> 3.2.4)
  devise-i18n (~> 0.10.3)
  devise-i18n-views (~> 0.2.8)
  devise_invitable (~> 1.3.5)
  exception_notification
  factory_girl_rails
  forgery
  gistyle
  hash_to_hidden_fields
  holidays!
  i18n_alchemy
  iban-tools
  ice_cube
  jbuilder
  jquery-minicolors-rails
  jquery-rails
  jquery-rails-cdn
  jquery-ui-rails
  jquery-ui-rails-cdn
  js-routes
  kaminari
  magnific-popup-rails
  mini_magick
  modernizr-rails
  momentjs-rails
  nested_form!
  numbers_and_words!
  pg
  pg_search (~> 0.7.3)
  pry-rails
  quiet_assets
  rails (~> 4.1.4)
  rails-i18n
  responders
  rubocop
  ruby-notify-my-android
  sass-rails
  scss-lint
  seedbank
  select2-rails
  semver
  slim-rails
  spring
  symbolize
  therubyracer
  thin
  tzinfo-data
  uglifier (>= 1.3.0)
  valid_email
  validates_timeliness
  vcard
  websocket-rails!
  websocket-rails-js!

BUNDLED WITH
   1.13.5
